GIT
  remote: https://github.com/markolson/titlekit.git
  revision: 2cd2b31f67a89f0556dc75998f68a686ff713acb
  specs:
    titlekit (1.2.0)
      rchardet19
      treetop

PATH
  remote: .
  specs:
    storyboard (0.5.2)
      highline
      micro-optparse
      prawn
      titlekit

GEM
  remote: https://rubygems.org/
  specs:
    addic7ed (3.0.0)
      json (~> 1.8.3)
      oga (~> 2.7)
    ansi (1.5.0)
    ast (2.4.0)
    charlock_holmes (0.7.6)
    colorize (0.8.1)
    diff-lcs (1.3)
    highline (2.0.0)
    hpricot (0.8.6)
    json (1.8.6)
    micro-optparse (1.2.1)
    mime-types (1.25.1)
    mini_portile2 (2.1.0)
    multipart-post (2.0.0)
    nokogiri (1.6.8.1)
      mini_portile2 (~> 2.1.0)
    oga (2.15)
      ast
      ruby-ll (~> 2.1)
    osdb (0.2.2)
    path (1.3.3)
    pdf-core (0.7.0)
    polyglot (0.3.5)
    prawn (2.2.2)
      pdf-core (~> 0.7.0)
      ttfunk (~> 1.5)
    rake (12.3.1)
    rchardet19 (1.3.7)
    rspec (3.8.0)
      rspec-core (~> 3.8.0)
      rspec-expectations (~> 3.8.0)
      rspec-mocks (~> 3.8.0)
    rspec-core (3.8.0)
      rspec-support (~> 3.8.0)
    rspec-expectations (3.8.2)
      diff-lcs (>= 1.2.0, < 2.0)
      rspec-support (~> 3.8.0)
    rspec-mocks (3.8.0)
      diff-lcs (>= 1.2.0, < 2.0)
      rspec-support (~> 3.8.0)
    rspec-support (3.8.0)
    ruby-ll (2.1.2)
      ansi
      ast
    ruby-progressbar (1.10.0)
    rubyzip (1.2.2)
    subdb (0.1.6)
      multipart-post (>= 1.1.0)
    subtitle_it (2.2.0)
      charlock_holmes
      colorize
      nokogiri
    suby (0.4.6)
      mime-types (~> 1.19)
      nokogiri (~> 1.6.7)
      path (~> 1.3)
      rubyzip (~> 1.1)
      term-ansicolor (~> 1.2)
    term-ansicolor (1.6.0)
      tins (~> 1.0)
    tins (1.17.0)
    treetop (1.6.10)
      polyglot (~> 0.3)
    ttfunk (1.5.1)
    xmlrpc (0.3.0)

PLATFORMS
  ruby

DEPENDENCIES
  addic7ed
  bundler (~> 1.3)
  hpricot
  osdb
  rake
  rspec
  ruby-progressbar
  storyboard!
  subdb
  subtitle_it
  suby
  titlekit!
  xmlrpc

BUNDLED WITH
   1.16.6
